PATH
  remote: .
  specs:
    aethyr (1.0.0)
      concurrent-ruby (~> 1.0)
      eventmachine (~> 1.2)
      methadone (~> 1.9)
      ncursesw (~> 1.4)
      require_all (~> 2.0)
      wisper (~> 2.0)

GEM
  remote: https://rubygems.org/
  specs:
    aruba (0.14.14)
      childprocess (>= 0.6.3, < 4.0.0)
      contracts (~> 0.9)
      cucumber (>= 1.3.19)
      ffi (~> 1.9)
      rspec-expectations (>= 2.99)
      thor (>= 0.19, < 2.0)
    ast (2.4.0)
    backports (3.17.1)
    builder (3.2.4)
    childprocess (3.0.0)
    concurrent-ruby (1.1.6)
    contracts (0.16.0)
    cucumber (3.1.2)
      builder (>= 2.1.2)
      cucumber-core (~> 3.2.0)
      cucumber-expressions (~> 6.0.1)
      cucumber-wire (~> 0.0.1)
      diff-lcs (~> 1.3)
      gherkin (~> 5.1.0)
      multi_json (>= 1.7.5, < 2.0)
      multi_test (>= 0.1.2)
    cucumber-core (3.2.1)
      backports (>= 3.8.0)
      cucumber-tag_expressions (~> 1.1.0)
      gherkin (~> 5.0)
    cucumber-expressions (6.0.1)
    cucumber-tag_expressions (1.1.1)
    cucumber-wire (0.0.1)
    diff-lcs (1.3)
    eventmachine (1.2.7)
    ffi (1.12.2)
    gherkin (5.1.0)
    jaro_winkler (1.5.4)
    json (1.8.6)
    methadone (1.9.5)
      bundler
    multi_json (1.14.1)
    multi_test (0.1.2)
    ncursesw (1.4.10)
    parallel (1.19.1)
    parser (2.7.1.1)
      ast (~> 2.4.0)
    rainbow (3.0.0)
    rake (11.3.0)
    rdoc (6.3.2)
    require_all (2.0.0)
    rexml (3.2.4)
    rspec-expectations (3.9.1)
      diff-lcs (>= 1.2.0, < 2.0)
      rspec-support (~> 3.9.0)
    rspec-support (3.9.2)
    rubocop (0.82.0)
      jaro_winkler (~> 1.5.1)
      parallel (~> 1.10)
      parser (>= 2.7.0.1)
      rainbow (>= 2.2.2, < 4.0)
      rexml
      ruby-progressbar (~> 1.7)
      unicode-display_width (>= 1.4.0, < 2.0)
    ruby-progressbar (1.10.1)
    thor (1.0.1)
    unicode-display_width (1.7.0)
    wisper (2.0.1)

PLATFORMS
  ruby

DEPENDENCIES
  aethyr!
  aruba (~> 0.14)
  bundler (~> 2.0)
  json (~> 1.8)
  rake (~> 11.3)
  rdoc (~> 6.3)
  rubocop (~> 0.82)

BUNDLED WITH
   2.1.4
