PATH
  remote: .
  specs:
    aethyr (1.0.0)
      concurrent-ruby (~> 1.0)
      eventmachine (~> 1.2)
      methadone (~> 1.9)
      ncursesw (~> 1.4)
      require_all (~> 2.0)
      wisper (~> 2.0)

GEM
  remote: https://rubygems.org/
  specs:
    aruba (0.14.6)
      childprocess (>= 0.6.3, < 0.10.0)
      contracts (~> 0.9)
      cucumber (>= 1.3.19)
      ffi (~> 1.9.10)
      rspec-expectations (>= 2.99)
      thor (~> 0.19)
    backports (3.11.4)
    builder (3.2.3)
    childprocess (0.9.0)
      ffi (~> 1.0, >= 1.0.11)
    concurrent-ruby (1.0.5)
    contracts (0.16.0)
    cucumber (3.1.2)
      builder (>= 2.1.2)
      cucumber-core (~> 3.2.0)
      cucumber-expressions (~> 6.0.1)
      cucumber-wire (~> 0.0.1)
      diff-lcs (~> 1.3)
      gherkin (~> 5.1.0)
      multi_json (>= 1.7.5, < 2.0)
      multi_test (>= 0.1.2)
    cucumber-core (3.2.0)
      backports (>= 3.8.0)
      cucumber-tag_expressions (~> 1.1.0)
      gherkin (>= 5.0.0)
    cucumber-expressions (6.0.1)
    cucumber-tag_expressions (1.1.1)
    cucumber-wire (0.0.1)
    diff-lcs (1.3)
    eventmachine (1.2.7)
    ffi (1.9.25)
    gherkin (5.1.0)
    json (1.8.6)
    methadone (1.9.5)
      bundler
    multi_json (1.13.1)
    multi_test (0.1.2)
    ncursesw (1.4.10)
    rake (11.3.0)
    rdoc (4.3.0)
    require_all (2.0.0)
    rspec-expectations (3.8.1)
      diff-lcs (>= 1.2.0, < 2.0)
      rspec-support (~> 3.8.0)
    rspec-support (3.8.0)
    thor (0.20.0)
    wisper (2.0.0)

PLATFORMS
  ruby

DEPENDENCIES
  aethyr!
  aruba (~> 0.14)
  bundler (~> 1.7)
  json (~> 1.8)
  rake (~> 11.3)
  rdoc (~> 4.2)

BUNDLED WITH
   1.16.1
