PATH
  remote: .
  specs:
    aethyr (1.0.0)
      base64 (~> 0.2)
      concurrent-ruby (~> 1.3)
      eventmachine (~> 1.2)
      gdal (~> 3.0)
      gdbm (~> 2.1)
      immudb (~> 0.3)
      logger (~> 1.5)
      methadone (~> 2.0)
      ncursesw (~> 1.4)
      require_all (~> 2.0)
      sequent (~> 8.2)
      wisper (~> 2.0)

GEM
  remote: https://rubygems.org/
  specs:
    activemodel (8.0.2)
      activesupport (= 8.0.2)
    activerecord (8.0.2)
      activemodel (= 8.0.2)
      activesupport (= 8.0.2)
      timeout (>= 0.4.0)
    activesupport (8.0.2)
      base64
      benchmark (>= 0.3)
      bigdecimal
      concurrent-ruby (~> 1.0, >= 1.3.1)
      connection_pool (>= 2.2.5)
      drb
      i18n (>= 1.6, < 2)
      logger (>= 1.4.2)
      minitest (>= 5.1)
      securerandom (>= 0.3)
      tzinfo (~> 2.0, >= 2.0.5)
      uri (>= 0.13.1)
    ansi (1.5.0)
    aruba (0.14.14)
      childprocess (>= 0.6.3, < 4.0.0)
      contracts (~> 0.9)
      cucumber (>= 1.3.19)
      ffi (~> 1.9)
      rspec-expectations (>= 2.99)
      thor (>= 0.19, < 2.0)
    ast (2.4.3)
    base64 (0.3.0)
    bcrypt (3.1.20)
    benchmark (0.4.1)
    bigdecimal (3.2.2)
    builder (3.3.0)
    childprocess (3.0.0)
    concurrent-ruby (1.3.5)
    connection_pool (2.5.3)
    contracts (0.17.2)
    csv (3.3.5)
    cucumber (9.2.1)
      builder (~> 3.2)
      cucumber-ci-environment (> 9, < 11)
      cucumber-core (> 13, < 14)
      cucumber-cucumber-expressions (~> 17.0)
      cucumber-gherkin (> 24, < 28)
      cucumber-html-formatter (> 20.3, < 22)
      cucumber-messages (> 19, < 25)
      diff-lcs (~> 1.5)
      mini_mime (~> 1.1)
      multi_test (~> 1.1)
      sys-uname (~> 1.2)
    cucumber-ci-environment (10.0.1)
    cucumber-core (13.0.3)
      cucumber-gherkin (>= 27, < 28)
      cucumber-messages (>= 20, < 23)
      cucumber-tag-expressions (> 5, < 7)
    cucumber-cucumber-expressions (17.1.0)
      bigdecimal
    cucumber-gherkin (27.0.0)
      cucumber-messages (>= 19.1.4, < 23)
    cucumber-html-formatter (21.12.0)
      cucumber-messages (> 19, < 28)
    cucumber-messages (22.0.0)
    cucumber-tag-expressions (6.1.2)
    diff-lcs (1.6.2)
    docile (1.4.1)
    drb (2.2.3)
    eventmachine (1.2.7)
    ffi (1.17.2)
    ffi (1.17.2-x86_64-linux-gnu)
    gdal (3.0.0)
    gdbm (2.1.0)
    gli (2.22.2)
      ostruct
    google-protobuf (4.31.1-x86_64-linux-gnu)
      bigdecimal
      rake (>= 13)
    googleapis-common-protos-types (1.20.0)
      google-protobuf (>= 3.18, < 5.a)
    grpc (1.73.0-x86_64-linux)
      google-protobuf (>= 3.25, < 5.0)
      googleapis-common-protos-types (~> 1.0)
    i18n (1.14.7)
      concurrent-ruby (~> 1.0)
    immudb (0.3.0)
      google-protobuf (>= 4)
      grpc
    json (2.12.2)
    logger (1.7.0)
    methadone (2.0.2)
      bundler
    mini_mime (1.1.5)
    minitest (5.25.5)
    multi_test (1.1.0)
    ncursesw (1.4.13)
    oj (3.16.11)
      bigdecimal (>= 3.0)
      ostruct (>= 0.2)
    ostruct (0.6.2)
    parallel (1.27.0)
    parser (3.3.8.0)
      ast (~> 2.4.1)
      racc
    pastel (0.8.0)
      tty-color (~> 0.5)
    pg (1.5.9)
    postgresql_cursor (0.6.9)
      activerecord (>= 6.0)
    power_assert (2.0.5)
    prism (1.4.0)
    racc (1.8.1)
    rainbow (3.1.1)
    rake (13.3.0)
    rdoc (4.3.0)
    regexp_parser (2.10.0)
    require_all (2.0.0)
    rexml (3.4.1)
    rspec (3.13.1)
      rspec-core (~> 3.13.0)
      rspec-expectations (~> 3.13.0)
      rspec-mocks (~> 3.13.0)
    rspec-core (3.13.4)
      rspec-support (~> 3.13.0)
    rspec-expectations (3.13.5)
      diff-lcs (>= 1.2.0, < 2.0)
      rspec-support (~> 3.13.0)
    rspec-mocks (3.13.5)
      diff-lcs (>= 1.2.0, < 2.0)
      rspec-support (~> 3.13.0)
    rspec-support (3.13.4)
    rubocop (0.93.1)
      parallel (~> 1.10)
      parser (>= 2.7.1.5)
      rainbow (>= 2.2.2, < 4.0)
      regexp_parser (>= 1.8)
      rexml
      rubocop-ast (>= 0.6.0)
      ruby-progressbar (~> 1.7)
      unicode-display_width (>= 1.4.0, < 2.0)
    rubocop-ast (1.45.1)
      parser (>= 3.3.7.2)
      prism (~> 1.4)
    ruby-prof (1.7.2)
      base64
    ruby-progressbar (1.13.0)
    securerandom (0.4.1)
    sequent (8.2.0)
      activemodel (>= 7.1.3)
      activerecord (>= 7.1.3)
      bcrypt (~> 3.1)
      csv (~> 3.3)
      gli (~> 2.22)
      i18n
      logger (~> 1.6)
      oj (~> 3.3)
      parallel (~> 1.20)
      parser (>= 2.6.5, < 3.4)
      pg (~> 1.2)
      postgresql_cursor (~> 0.6)
      thread_safe (~> 0.3.6)
      tty-prompt (~> 0.23.1)
      tzinfo (>= 1.1)
    simplecov (0.22.0)
      docile (~> 1.1)
      simplecov-html (~> 0.11)
      simplecov_json_formatter (~> 0.1)
    simplecov-console (0.9.3)
      ansi
      simplecov
      terminal-table
    simplecov-html (0.13.1)
    simplecov_json_formatter (0.1.4)
    sys-uname (1.3.1)
      ffi (~> 1.1)
    terminal-table (4.0.0)
      unicode-display_width (>= 1.1.1, < 4)
    test-unit (3.6.8)
      power_assert
    thor (1.3.2)
    thread_safe (0.3.6)
    timeout (0.4.3)
    tty-color (0.6.0)
    tty-cursor (0.7.1)
    tty-prompt (0.23.1)
      pastel (~> 0.8)
      tty-reader (~> 0.8)
    tty-reader (0.9.0)
      tty-cursor (~> 0.7)
      tty-screen (~> 0.8)
      wisper (~> 2.0)
    tty-screen (0.8.2)
    tzinfo (2.0.6)
      concurrent-ruby (~> 1.0)
    unicode-display_width (1.8.0)
    uri (1.0.3)
    wisper (2.0.1)

PLATFORMS
  x86_64-linux-gnu

DEPENDENCIES
  aethyr!
  aruba (~> 0.14)
  bundler (~> 2.4)
  concurrent-ruby
  cucumber (~> 9.2)
  json (~> 2.11)
  rake (~> 13.2)
  rdoc (~> 4.2)
  rspec (~> 3.13)
  rspec-mocks (~> 3.13)
  rubocop (~> 0.82)
  ruby-prof (~> 1.7)
  sequent
  simplecov (~> 0.22)
  simplecov-console (~> 0.9)
  test-unit (~> 3.5)

BUNDLED WITH
   2.6.8
